GEM
  remote: https://rubygems.org/
  specs:
    contextual_proc (1.0.0)
    debug_inspector (0.0.3)

PLATFORMS
  ruby

DEPENDENCIES
  contextual_proc (~> 1.0.0)
  debug_inspector (~> 0.0.3)

RUBY VERSION
   ruby 2.7.1p83

BUNDLED WITH
   2.1.4
