GEM
  remote: https://rubygems.org/
  specs:
    debug_inspector (0.0.3)

PLATFORMS
  ruby

DEPENDENCIES
  debug_inspector (~> 0.0.3)

RUBY VERSION
   ruby 2.7.1p83

BUNDLED WITH
   2.1.4
