GEM
  remote: https://rubygems.org/
  specs:
    debug_inspector (0.0.3)
    diff-lcs (1.4.4)
    rspec-expectations (3.9.2)
      diff-lcs (>= 1.2.0, < 2.0)
      rspec-support (~> 3.9.0)
    rspec-support (3.9.3)

PLATFORMS
  ruby

DEPENDENCIES
  debug_inspector (~> 0.0.3)
  rspec-expectations (~> 3.9.2)

RUBY VERSION
   ruby 2.7.1p83

BUNDLED WITH
   2.1.4
